PATH
  remote: .
  specs:
    simplest_auth (0.2.10)
      bcrypt (~> 3.1.3)

GEM
  remote: http://rubygems.org/
  specs:
    bcrypt (3.1.12)
    hoe (3.6.3)
      rake (>= 0.8, < 11.0)
    mocha (0.9.12)
    rake (0.9.6)
    shoulda (2.11.3)
    test-unit (1.2.3)
      hoe (>= 1.5.1)

PLATFORMS
  ruby

DEPENDENCIES
  mocha
  rake (~> 0.9.6)
  shoulda
  simplest_auth!
  test-unit (~> 1.2.3)

BUNDLED WITH
   1.15.1
